GEM
  remote: http://rubygems.org/
  specs:
    addressable (2.3.4)
    css_parser (1.3.4)
      addressable
    nokogiri (1.5.9)

PLATFORMS
  ruby

DEPENDENCIES
  css_parser
  nokogiri
